GEM
  remote: https://rubygems.org/
  specs:
    json (1.8.1)
    mustache (1.0.0)
    pdf-core (0.4.0)
    prawn (1.3.0)
      pdf-core (~> 0.4.0)
      ttfunk (~> 1.4.0)
    prawn-table (0.2.1)
    ttfunk (1.4.0)

PLATFORMS
  ruby

DEPENDENCIES
  json
  mustache
  prawn
  prawn-table
